GEM
  remote: https://rubygems.org/
  specs:
    coderay (1.1.0)
    daemons (1.4.1)
    eventmachine (1.2.7)
    method_source (0.8.2)
    mustermann (3.0.0)
      ruby2_keywords (~> 0.0.1)
    pry (0.10.3)
      coderay (~> 1.1.0)
      method_source (~> 0.8.1)
      slop (~> 3.4)
    rack (2.2.6.3)
    rack-protection (3.0.5)
      rack
    rake (10.4.2)
    require_all (1.3.3)
    ruby2_keywords (0.0.5)
    shotgun (0.9.2)
      rack (>= 1.0)
    sinatra (3.0.5)
      mustermann (~> 3.0)
      rack (~> 2.2, >= 2.2.4)
      rack-protection (= 3.0.5)
      tilt (~> 2.0)
    slop (3.6.0)
    thin (1.8.1)
      daemons (~> 1.0, >= 1.0.9)
      eventmachine (~> 1.0, >= 1.0.4)
      rack (>= 1, < 3)
    tilt (2.1.0)

PLATFORMS
  ruby

DEPENDENCIES
  pry
  rake
  require_all
  shotgun
  sinatra (>= 2.0.0)
  thin (>= 1.7.0)

BUNDLED WITH
   1.17.3
